GIT
  remote: https://github.com/Ifiht/RedFairyBook
  revision: 4302e47ef2e89ae62b5c576938d51713408620d6
  branch: main
  specs:
    redfairy (0.1.2)

GIT
  remote: https://github.com/Ifiht/Spriggan
  revision: 04fce31cb179a826f139705ee9fb23d4dac62e8d
  branch: main
  specs:
    spriggan (0.1.6)
      beaneater (~> 1.1, >= 1.1.0)

GEM
  remote: https://rubygems.org/
  specs:
    addressable (2.8.6)
      public_suffix (>= 2.0.2, < 6.0)
    ast (2.4.2)
    backport (1.2.0)
    base64 (0.2.0)
    beaneater (1.1.3)
    benchmark (0.3.0)
    bigdecimal (3.1.8)
    celluloid (0.16.0)
      timers (~> 4.0.0)
    concurrent-ruby (1.2.3)
    diff-lcs (1.5.1)
    discordrb (3.5.0)
      discordrb-webhooks (~> 3.5.0)
      ffi (>= 1.9.24)
      opus-ruby
      rest-client (>= 2.0.0)
      websocket-client-simple (>= 0.3.0)
    discordrb-webhooks (3.5.0)
      rest-client (>= 2.0.0)
    domain_name (0.6.20240107)
    dry-core (1.0.1)
      concurrent-ruby (~> 1.0)
      zeitwerk (~> 2.6)
    dry-inflector (1.0.0)
    dry-logic (1.5.0)
      concurrent-ruby (~> 1.0)
      dry-core (~> 1.0, < 2)
      zeitwerk (~> 2.6)
    dry-struct (1.6.0)
      dry-core (~> 1.0, < 2)
      dry-types (>= 1.7, < 2)
      ice_nine (~> 0.11)
      zeitwerk (~> 2.6)
    dry-types (1.7.2)
      bigdecimal (~> 3.0)
      concurrent-ruby (~> 1.0)
      dry-core (~> 1.0)
      dry-inflector (~> 1.0)
      dry-logic (~> 1.4)
      zeitwerk (~> 2.6)
    e2mmap (0.1.0)
    event_emitter (0.2.6)
    faraday (2.9.0)
      faraday-net_http (>= 2.0, < 3.2)
    faraday-multipart (1.0.4)
      multipart-post (~> 2)
    faraday-net_http (3.1.0)
      net-http
    ffi (1.16.3)
    ffi-compiler (1.3.2)
      ffi (>= 1.15.5)
      rake
    hitimes (3.0.0)
    http-2-next (1.0.3)
    http (5.2.0)
      addressable (~> 2.8)
      base64 (~> 0.1)
      http-cookie (~> 1.0)
      http-form_data (~> 2.2)
      llhttp-ffi (~> 0.5.0)
    http-accept (1.7.0)
    http-cookie (1.0.5)
      domain_name (~> 0.5)
    http-form_data (2.3.0)
    httpx (1.2.4)
      http-2-next (>= 1.0.3)
    ice_nine (0.11.2)
    jaro_winkler (1.5.6)
    jemalloc (1.0.1)
    json (2.7.2)
    kramdown (2.4.0)
      rexml
    kramdown-parser-gfm (1.1.0)
      kramdown (~> 2.0)
    language_server-protocol (3.17.0.3)
    listen (2.10.1)
      celluloid (~> 0.16.0)
      rb-fsevent (>= 0.9.3)
      rb-inotify (>= 0.9)
    llhttp-ffi (0.5.0)
      ffi-compiler (~> 1.0)
      rake (~> 13.0)
    mime-types (3.5.2)
      mime-types-data (~> 3.2015)
    mime-types-data (3.2024.0507)
    multipart-post (2.4.1)
    net-http (0.4.1)
      uri
    net-ping (1.7.8)
    netrc (0.11.0)
    nio4r (2.7.3)
    nokogiri (1.16.4-aarch64-linux)
      racc (~> 1.4)
    nokogiri (1.16.4-arm-linux)
      racc (~> 1.4)
    nokogiri (1.16.4-arm64-darwin)
      racc (~> 1.4)
    nokogiri (1.16.4-x86-linux)
      racc (~> 1.4)
    nokogiri (1.16.4-x86_64-darwin)
      racc (~> 1.4)
    nokogiri (1.16.4-x86_64-linux)
      racc (~> 1.4)
    opus-ruby (1.0.1)
      ffi
    parallel (1.24.0)
    parser (3.3.1.0)
      ast (~> 2.4.1)
      racc
    pp (0.5.0)
      prettyprint
    prettyprint (0.2.0)
    public_suffix (5.0.5)
    puma (6.4.2)
      nio4r (~> 2.0)
    racc (1.7.3)
    rainbow (3.1.1)
    rake (13.2.1)
    rb-fsevent (0.11.2)
    rb-inotify (0.10.1)
      ffi (~> 1.0)
    rbs (2.8.4)
    regexp_parser (2.9.0)
    require_all (3.0.0)
    rest-client (2.1.0)
      http-accept (>= 1.7.0, < 2.0)
      http-cookie (>= 1.0.2, < 2.0)
      mime-types (>= 1.16, < 4.0)
      netrc (~> 0.8)
    reverse_markdown (2.1.1)
      nokogiri
    rexml (3.2.6)
    rubocop (1.63.4)
      json (~> 2.3)
      language_server-protocol (>= 3.17.0)
      parallel (~> 1.10)
      parser (>= 3.3.0.2)
      rainbow (>= 2.2.2, < 4.0)
      regexp_parser (>= 1.8, < 3.0)
      rexml (>= 3.2.5, < 4.0)
      rubocop-ast (>= 1.31.1, < 2.0)
      ruby-progressbar (~> 1.7)
      unicode-display_width (>= 2.4.0, < 3.0)
    rubocop-ast (1.31.3)
      parser (>= 3.3.1.0)
    ruby-progressbar (1.13.0)
    rufo (0.17.1)
    solargraph (0.50.0)
      backport (~> 1.2)
      benchmark
      bundler (~> 2.0)
      diff-lcs (~> 1.4)
      e2mmap
      jaro_winkler (~> 1.5)
      kramdown (~> 2.3)
      kramdown-parser-gfm (~> 1.1)
      parser (~> 3.0)
      rbs (~> 2.0)
      reverse_markdown (~> 2.0)
      rubocop (~> 1.38)
      thor (~> 1.0)
      tilt (~> 2.0)
      yard (~> 0.9, >= 0.9.24)
    telegram-bot-ruby (1.0.0)
      dry-struct (~> 1.6)
      faraday (~> 2.0)
      faraday-multipart (~> 1.0)
      zeitwerk (~> 2.6)
    thor (1.3.1)
    tilt (2.3.0)
    timers (4.0.4)
      hitimes
    unicode-display_width (2.5.0)
    uri (0.13.0)
    websocket (1.2.10)
    websocket-client-simple (0.8.0)
      event_emitter
      websocket
    yard (0.9.36)
    zeitwerk (2.6.13)

PLATFORMS
  aarch64-linux
  arm-linux
  arm64-darwin
  x86-linux
  x86_64-darwin
  x86_64-linux

DEPENDENCIES
  beaneater
  discordrb
  http
  httpx
  jemalloc
  listen (~> 2.0)
  net-ping (~> 1.7, >= 1.7.8)
  pp
  puma
  rake
  redfairy!
  require_all
  rufo
  solargraph
  spriggan!
  telegram-bot-ruby (~> 1.0)

BUNDLED WITH
   2.5.6
