GIT
  remote: https://github.com/Ifiht/RedFairyBook
  revision: 55e11fe0645e6145bd524bf06ad9a5d054bd1296
  branch: main
  specs:
    redfairy (0.1.2)

GIT
  remote: https://github.com/Ifiht/Spriggan
  revision: aba6b6e0f5a9efeded7fcc6c48f060882abd8766
  branch: main
  specs:
    spriggan (0.1.2)
      beaneater (~> 1.1, >= 1.1.0)

GEM
  remote: https://rubygems.org/
  specs:
    addressable (2.8.6)
      public_suffix (>= 2.0.2, < 6.0)
    base64 (0.2.0)
    beaneater (1.1.3)
    bigdecimal (3.1.7)
    celluloid (0.16.0)
      timers (~> 4.0.0)
    concurrent-ruby (1.2.3)
    discordrb (3.5.0)
      discordrb-webhooks (~> 3.5.0)
      ffi (>= 1.9.24)
      opus-ruby
      rest-client (>= 2.0.0)
      websocket-client-simple (>= 0.3.0)
    discordrb-webhooks (3.5.0)
      rest-client (>= 2.0.0)
    domain_name (0.6.20240107)
    dry-core (1.0.1)
      concurrent-ruby (~> 1.0)
      zeitwerk (~> 2.6)
    dry-inflector (1.0.0)
    dry-logic (1.5.0)
      concurrent-ruby (~> 1.0)
      dry-core (~> 1.0, < 2)
      zeitwerk (~> 2.6)
    dry-struct (1.6.0)
      dry-core (~> 1.0, < 2)
      dry-types (>= 1.7, < 2)
      ice_nine (~> 0.11)
      zeitwerk (~> 2.6)
    dry-types (1.7.2)
      bigdecimal (~> 3.0)
      concurrent-ruby (~> 1.0)
      dry-core (~> 1.0)
      dry-inflector (~> 1.0)
      dry-logic (~> 1.4)
      zeitwerk (~> 2.6)
    event_emitter (0.2.6)
    faraday (2.9.0)
      faraday-net_http (>= 2.0, < 3.2)
    faraday-multipart (1.0.4)
      multipart-post (~> 2)
    faraday-net_http (3.1.0)
      net-http
    ffi (1.16.3)
    ffi-compiler (1.3.2)
      ffi (>= 1.15.5)
      rake
    hitimes (3.0.0)
    http-2-next (1.0.3)
    http (5.2.0)
      addressable (~> 2.8)
      base64 (~> 0.1)
      http-cookie (~> 1.0)
      http-form_data (~> 2.2)
      llhttp-ffi (~> 0.5.0)
    http-accept (1.7.0)
    http-cookie (1.0.5)
      domain_name (~> 0.5)
    http-form_data (2.3.0)
    httpx (1.2.4)
      http-2-next (>= 1.0.3)
    ice_nine (0.11.2)
    jemalloc (1.0.1)
    listen (2.10.1)
      celluloid (~> 0.16.0)
      rb-fsevent (>= 0.9.3)
      rb-inotify (>= 0.9)
    llhttp-ffi (0.5.0)
      ffi-compiler (~> 1.0)
      rake (~> 13.0)
    mime-types (3.5.2)
      mime-types-data (~> 3.2015)
    mime-types-data (3.2024.0305)
    multipart-post (2.4.0)
    net-http (0.4.1)
      uri
    net-ping (1.7.8)
    netrc (0.11.0)
    nio4r (2.7.1)
    opus-ruby (1.0.1)
      ffi
    pp (0.5.0)
      prettyprint
    prettyprint (0.2.0)
    public_suffix (5.0.5)
    puma (6.4.2)
      nio4r (~> 2.0)
    rake (13.2.1)
    rb-fsevent (0.11.2)
    rb-inotify (0.10.1)
      ffi (~> 1.0)
    require_all (3.0.0)
    rest-client (2.1.0)
      http-accept (>= 1.7.0, < 2.0)
      http-cookie (>= 1.0.2, < 2.0)
      mime-types (>= 1.16, < 4.0)
      netrc (~> 0.8)
    rufo (0.17.1)
    telegram-bot-ruby (1.0.0)
      dry-struct (~> 1.6)
      faraday (~> 2.0)
      faraday-multipart (~> 1.0)
      zeitwerk (~> 2.6)
    timers (4.0.4)
      hitimes
    uri (0.13.0)
    websocket (1.2.10)
    websocket-client-simple (0.8.0)
      event_emitter
      websocket
    zeitwerk (2.6.13)

PLATFORMS
  x86_64-linux

DEPENDENCIES
  beaneater
  discordrb
  http
  httpx
  jemalloc
  listen (~> 2.0)
  net-ping (~> 1.7, >= 1.7.8)
  pp
  puma
  rake
  redfairy!
  require_all
  rufo
  spriggan!
  telegram-bot-ruby (~> 1.0)

BUNDLED WITH
   2.3.26
