GIT
  remote: https://github.com/Ifiht/RedFairyBook
  revision: 4302e47ef2e89ae62b5c576938d51713408620d6
  branch: main
  specs:
    redfairy (0.1.2)

GIT
  remote: https://github.com/Ifiht/Sibyl
  revision: 9ce494453d5fc855071b123941fbd5223d56edfb
  branch: main
  specs:
    sibyl (0.0.4)

GIT
  remote: https://github.com/Ifiht/Spriggan
  revision: 79c049d9512f0a9e8c5dbec072f754e68c3b3ddb
  branch: main
  specs:
    spriggan (0.1.9)
      beaneater (~> 1.1, >= 1.1.0)

GIT
  remote: https://github.com/Ifiht/discordrb.git
  revision: 833aa37af927287cc01097eab303edd10aed2db1
  branch: main
  specs:
    discordrb (3.5.1)
      discordrb-webhooks (~> 3.5.0)
      ffi (>= 1.9.24)
      opus-ruby
      rest-client (>= 2.0.0)
      websocket-client-simple (>= 0.3.0)
    discordrb-webhooks (3.5.0)
      rest-client (>= 2.0.0)

GEM
  remote: https://rubygems.org/
  specs:
    addressable (2.8.6)
      public_suffix (>= 2.0.2, < 6.0)
    ast (2.4.2)
    backport (1.2.0)
    base64 (0.2.0)
    beaneater (1.1.3)
    benchmark (0.3.0)
    celluloid (0.16.0)
      timers (~> 4.0.0)
    diff-lcs (1.5.1)
    domain_name (0.6.20240107)
    e2mmap (0.1.0)
    event_emitter (0.2.6)
    ffi (1.17.0-x86_64-linux-gnu)
    ffi-compiler (1.3.2)
      ffi (>= 1.15.5)
      rake
    hitimes (3.0.0)
    http-2-next (1.0.3)
    http (5.2.0)
      addressable (~> 2.8)
      base64 (~> 0.1)
      http-cookie (~> 1.0)
      http-form_data (~> 2.2)
      llhttp-ffi (~> 0.5.0)
    http-accept (1.7.0)
    http-cookie (1.0.6)
      domain_name (~> 0.5)
    http-form_data (2.3.0)
    httpx (1.2.5)
      http-2-next (>= 1.0.3)
    jaro_winkler (1.6.0)
    jemalloc (1.0.1)
    json (2.7.2)
    kramdown (2.4.0)
      rexml
    kramdown-parser-gfm (1.1.0)
      kramdown (~> 2.0)
    language_server-protocol (3.17.0.3)
    listen (2.10.1)
      celluloid (~> 0.16.0)
      rb-fsevent (>= 0.9.3)
      rb-inotify (>= 0.9)
    llhttp-ffi (0.5.0)
      ffi-compiler (~> 1.0)
      rake (~> 13.0)
    mime-types (3.5.2)
      mime-types-data (~> 3.2015)
    mime-types-data (3.2024.0604)
    net-ping (1.7.8)
    netrc (0.11.0)
    nokogiri (1.16.5-x86_64-linux)
      racc (~> 1.4)
    opus-ruby (1.0.1)
      ffi
    parallel (1.24.0)
    parser (3.3.2.0)
      ast (~> 2.4.1)
      racc
    pg (1.5.8)
    pp (0.5.0)
      prettyprint
    prettyprint (0.2.0)
    public_suffix (5.0.5)
    racc (1.8.0)
    rainbow (3.1.1)
    rake (13.2.1)
    rb-fsevent (0.11.2)
    rb-inotify (0.11.1)
      ffi (~> 1.0)
    rbs (2.8.4)
    regexp_parser (2.9.2)
    rest-client (2.1.0)
      http-accept (>= 1.7.0, < 2.0)
      http-cookie (>= 1.0.2, < 2.0)
      mime-types (>= 1.16, < 4.0)
      netrc (~> 0.8)
    reverse_markdown (2.1.1)
      nokogiri
    rexml (3.2.8)
      strscan (>= 3.0.9)
    rubocop (1.64.1)
      json (~> 2.3)
      language_server-protocol (>= 3.17.0)
      parallel (~> 1.10)
      parser (>= 3.3.0.2)
      rainbow (>= 2.2.2, < 4.0)
      regexp_parser (>= 1.8, < 3.0)
      rexml (>= 3.2.5, < 4.0)
      rubocop-ast (>= 1.31.1, < 2.0)
      ruby-progressbar (~> 1.7)
      unicode-display_width (>= 2.4.0, < 3.0)
    rubocop-ast (1.31.3)
      parser (>= 3.3.1.0)
    ruby-progressbar (1.13.0)
    rufo (0.18.0)
    solargraph (0.50.0)
      backport (~> 1.2)
      benchmark
      bundler (~> 2.0)
      diff-lcs (~> 1.4)
      e2mmap
      jaro_winkler (~> 1.5)
      kramdown (~> 2.3)
      kramdown-parser-gfm (~> 1.1)
      parser (~> 3.0)
      rbs (~> 2.0)
      reverse_markdown (~> 2.0)
      rubocop (~> 1.38)
      thor (~> 1.0)
      tilt (~> 2.0)
      yard (~> 0.9, >= 0.9.24)
    sqlite3 (2.0.4-x86_64-linux-gnu)
    strscan (3.1.0)
    thor (1.3.1)
    tilt (2.3.0)
    timers (4.0.4)
      hitimes
    unicode-display_width (2.5.0)
    websocket (1.2.10)
    websocket-client-simple (0.8.0)
      event_emitter
      websocket
    yard (0.9.36)

PLATFORMS
  x86_64-linux

DEPENDENCIES
  beaneater
  discordrb!
  http
  httpx
  jemalloc
  listen (~> 2.0)
  net-ping (~> 1.7, >= 1.7.8)
  pg
  pp
  rake
  redfairy!
  rufo
  sibyl!
  solargraph
  spriggan!
  sqlite3

BUNDLED WITH
   2.3.27
